PATH
  remote: .
  specs:
    jenkmq (0.1.0)
      commander (~> 4.3)
      ironmq (~> 1.2)
      json (~> 1.8)
      rest-client (~> 0.8)

GEM
  remote: https://rubygems.org/
  specs:
    commander (4.3.2)
      highline (~> 1.7.1)
    highline (1.7.1)
    ironmq (1.2.8)
      rest
      rest
      rest-client
      rest-client
    json (1.8.2)
    net-http-persistent (2.9.4)
    netrc (0.10.3)
    rest (3.0.6)
      net-http-persistent (>= 2.9.1)
      netrc
    rest-client (0.9.2)

PLATFORMS
  ruby

DEPENDENCIES
  jenkmq!
